GEM
  remote: https://rubygems.org/
  specs:
    armor (0.0.3)
    cuba (3.8.0)
      rack (>= 1.6.0)
    database_cleaner (1.5.3)
    diff-lcs (1.2.5)
    faker (1.6.6)
      i18n (~> 0.5)
    i18n (0.7.0)
    jwt (1.5.4)
    oj (2.17.5)
    pg (0.19.0)
    puma (3.6.0)
    rack (2.0.1)
    rack-parser (0.7.0)
      rack
    rack-test (0.6.3)
      rack (>= 1.0)
    rspec (3.5.0)
      rspec-core (~> 3.5.0)
      rspec-expectations (~> 3.5.0)
      rspec-mocks (~> 3.5.0)
    rspec-core (3.5.4)
      rspec-support (~> 3.5.0)
    rspec-expectations (3.5.0)
      diff-lcs (>= 1.2.0, < 2.0)
      rspec-support (~> 3.5.0)
    rspec-mocks (3.5.0)
      diff-lcs (>= 1.2.0, < 2.0)
      rspec-support (~> 3.5.0)
    rspec-support (3.5.0)
    sequel (4.40.0)
    shield (2.1.1)
      armor
    shotgun (0.9.2)
      rack (>= 1.0)

PLATFORMS
  ruby

DEPENDENCIES
  cuba (~> 3.8.0)
  database_cleaner (~> 1.5.0)
  faker (~> 1.6.6)
  jwt (~> 1.5.4)
  oj (~> 2.17.5)
  pg (~> 0.19.0)
  puma (~> 3.6.0)
  rack-parser (~> 0.7.0)
  rack-test (~> 0.6.3)
  rspec (~> 3.5.0)
  sequel (~> 4.40.0)
  shield (~> 2.1.0)
  shotgun (~> 0.9.2)

RUBY VERSION
   ruby 2.3.1p112

BUNDLED WITH
   1.13.6
